PATH
  remote: .
  specs:
    library-organizer (0.1.0)
      slop
      sorbet-runtime

GEM
  remote: https://rubygems.org/
  specs:
    ast (2.4.2)
    coderay (1.1.3)
    diff-lcs (1.5.0)
    json (2.6.2)
    language_server-protocol (3.17.0.2)
    method_source (1.0.0)
    minitest (5.16.3)
    netrc (0.11.0)
    parallel (1.22.1)
    parser (3.1.3.0)
      ast (~> 2.4.1)
    prettier_print (1.1.0)
    pry (0.14.1)
      coderay (~> 1.1)
      method_source (~> 1.0)
    rainbow (3.1.1)
    rbi (0.0.16)
      ast
      parser (>= 2.6.4.0)
      sorbet-runtime (>= 0.5.9204)
      unparser
    regexp_parser (2.6.1)
    rexml (3.2.5)
    rubocop (1.39.0)
      json (~> 2.3)
      parallel (~> 1.10)
      parser (>= 3.1.2.1)
      rainbow (>= 2.2.2, < 4.0)
      regexp_parser (>= 1.8, < 3.0)
      rexml (>= 3.2.5, < 4.0)
      rubocop-ast (>= 1.23.0, < 2.0)
      ruby-progressbar (~> 1.7)
      unicode-display_width (>= 1.4.0, < 3.0)
    rubocop-ast (1.23.0)
      parser (>= 3.1.1.0)
    rubocop-minitest (0.24.0)
      rubocop (>= 0.90, < 2.0)
    rubocop-sorbet (0.6.11)
      rubocop (>= 0.90.0)
    ruby-lsp (0.3.6)
      language_server-protocol (~> 3.17.0)
      sorbet-runtime
      syntax_tree (>= 4.0.2, < 5.0.0)
    ruby-progressbar (1.11.0)
    slop (4.9.3)
    sorbet (0.5.10564)
      sorbet-static (= 0.5.10564)
    sorbet-runtime (0.5.10564)
    sorbet-static (0.5.10564-universal-darwin-14)
    sorbet-static (0.5.10564-universal-darwin-15)
    sorbet-static (0.5.10564-universal-darwin-16)
    sorbet-static (0.5.10564-universal-darwin-17)
    sorbet-static (0.5.10564-universal-darwin-18)
    sorbet-static (0.5.10564-universal-darwin-19)
    sorbet-static (0.5.10564-universal-darwin-20)
    sorbet-static (0.5.10564-universal-darwin-21)
    sorbet-static (0.5.10564-universal-darwin-22)
    sorbet-static (0.5.10564-x86_64-linux)
    sorbet-static-and-runtime (0.5.10564)
      sorbet (= 0.5.10564)
      sorbet-runtime (= 0.5.10564)
    spoom (1.1.13)
      sorbet (>= 0.5.9204)
      sorbet-runtime (>= 0.5.9204)
      thor (>= 0.19.2)
    syntax_tree (4.3.0)
      prettier_print (>= 1.0.2)
    tapioca (0.10.3)
      bundler (>= 1.17.3)
      netrc (>= 0.11.0)
      parallel (>= 1.21.0)
      rbi (~> 0.0.0, >= 0.0.16)
      sorbet-static-and-runtime (>= 0.5.9892)
      spoom (~> 1.1.0, >= 1.1.11)
      thor (>= 1.2.0)
      yard-sorbet
    thor (1.2.1)
    unicode-display_width (2.3.0)
    unparser (0.6.5)
      diff-lcs (~> 1.3)
      parser (>= 3.1.0)
    webrick (1.7.0)
    yard (0.9.28)
      webrick (~> 1.7.0)
    yard-sorbet (0.7.0)
      sorbet-runtime (>= 0.5)
      yard (>= 0.9)

PLATFORMS
  ruby

DEPENDENCIES
  bundler
  library-organizer!
  minitest
  pry
  rubocop
  rubocop-minitest
  rubocop-sorbet
  ruby-lsp
  sorbet
  tapioca

BUNDLED WITH
   2.2.3
